GEM
  remote: https://rubygems.org/
  specs:
    CFPropertyList (2.2.8)
    addressable (2.3.6)
    arr-pm (0.0.9)
      cabin (> 0)
    backports (3.6.0)
    cabin (0.6.1)
    childprocess (0.5.3)
      ffi (~> 1.0, >= 1.0.11)
    clamp (0.6.3)
    facter (2.0.1)
      CFPropertyList (~> 2.2.6)
    ffi (1.9.3)
    fpm (1.1.0)
      arr-pm (~> 0.0.9)
      backports (>= 2.6.2)
      cabin (>= 0.6.0)
      childprocess
      clamp (~> 0.6)
      ffi
      json (>= 1.7.7)
    fpm-cookery (0.24.0)
      addressable
      facter
      fpm (~> 1.1.0)
      puppet (>= 3.4.3)
      systemu
    hiera (1.3.3)
      json_pure
    json (1.8.1)
    json_pure (1.8.1)
    puppet (3.6.1)
      facter (> 1.6, < 3)
      hiera (~> 1.0)
      json_pure
      rgen (~> 0.6.5)
    rgen (0.6.6)
    systemu (2.6.4)

PLATFORMS
  ruby

DEPENDENCIES
  fpm-cookery
